GEM
  remote: http://rubygems.org/
  specs:
    RedCloth (4.2.9)
    abstract (1.0.0)
    actionmailer (2.3.14)
      actionpack (= 2.3.14)
    actionpack (2.3.14)
      activesupport (= 2.3.14)
      rack (~> 1.1.0)
    activerecord (2.3.14)
      activesupport (= 2.3.14)
    activeresource (2.3.14)
      activesupport (= 2.3.14)
    activesupport (2.3.14)
    daemons (1.1.6)
    diff-lcs (1.1.2)
    erubis (2.7.0)
    eventmachine (0.12.10)
    itextomml (1.4.9)
    json (1.6.5)
    maruku (0.6.0)
      syntax (>= 1.0.0)
    mysql (2.8.1)
    nokogiri (1.5.0)
    rack (1.1.3)
    rails (2.3.14)
      actionmailer (= 2.3.14)
      actionpack (= 2.3.14)
      activerecord (= 2.3.14)
      activeresource (= 2.3.14)
      activesupport (= 2.3.14)
      rake (>= 0.8.3)
    rails_xss (0.1.3)
    rake (0.9.2.2)
    rubyzip (0.9.5)
    sqlite3 (1.3.5)
    sqlite3-ruby (1.3.3)
      sqlite3 (>= 1.3.3)
    syntax (1.0.0)
    thin (1.3.1)
      daemons (>= 1.0.9)
      eventmachine (>= 0.12.6)
      rack (>= 1.0.0)
    xhtmldiff (1.0.0)
      diff-lcs (>= 1.1.1)

PLATFORMS
  ruby

DEPENDENCIES
  RedCloth (>= 4.0.0)
  abstract (= 1.0.0)
  diff-lcs (= 1.1.2)
  erubis
  itextomml (>= 1.4.5)
  json
  maruku (= 0.6.0)
  mysql (~> 2.8.1)
  nokogiri
  rails (~> 2.3.11)
  rails_xss (= 0.1.3)
  rake
  rubyzip
  sqlite3-ruby (~> 1.3.3)
  syntax (= 1.0.0)
  thin
  xhtmldiff (= 1.0.0)
